GEM
  remote: https://rubygems.org/
  specs:
    activemodel (3.2.17)
      activesupport (= 3.2.17)
      builder (~> 3.0.0)
    activesupport (3.2.17)
      i18n (~> 0.6, >= 0.6.4)
      multi_json (~> 1.0)
    backports (3.6.0)
    blankslate (2.1.2.4)
    bouncy-castle-java (1.5.0147)
    builder (3.0.4)
    datomic-client (0.4.1)
      edn (~> 1.0.0)
      rest-client (~> 1.6.7)
    diametric (0.1.3-java)
      activemodel (~> 3.2, >= 3.2.16)
      activesupport (~> 3.2, >= 3.2.16)
      datomic-client (~> 0.4, >= 0.4.1)
      edn (~> 1.0, >= 1.0.2)
      jruby-openssl (~> 0.8, >= 0.8.8)
      lock_jar (~> 0.7, >= 0.7.5)
      rake-compiler (~> 0.9, >= 0.9.1)
      rspec (~> 2.14, >= 2.14.1)
      rubyzip (~> 0.9, >= 0.9.9)
      uuid (~> 2.3, >= 2.3.7)
    diff-lcs (1.2.5)
    edn (1.0.2)
      parslet (~> 1.4.0)
    i18n (0.6.9)
    jruby-openssl (0.9.3)
      bouncy-castle-java (>= 1.5.0147)
    lock_jar (0.8.0)
      naether (~> 0.10.1)
      thor (~> 0.18.1)
    macaddr (1.6.7)
      systemu (~> 2.6.2)
    mime-types (2.1)
    multi_json (1.9.0)
    naether (0.10.1-java)
    parslet (1.4.0)
      blankslate (~> 2.0)
    rack (1.5.2)
    rack-protection (1.5.2)
      rack
    rack-test (0.6.2)
      rack (>= 1.0)
    rake (10.1.1)
    rake-compiler (0.9.2)
      rake
    rest-client (1.6.7)
      mime-types (>= 1.16)
    rspec (2.14.1)
      rspec-core (~> 2.14.0)
      rspec-expectations (~> 2.14.0)
      rspec-mocks (~> 2.14.0)
    rspec-core (2.14.8)
    rspec-expectations (2.14.5)
      diff-lcs (>= 1.1.3, < 2.0)
    rspec-mocks (2.14.6)
    rubyzip (0.9.9)
    sinatra (1.4.4)
      rack (~> 1.4)
      rack-protection (~> 1.4)
      tilt (~> 1.3, >= 1.3.4)
    sinatra-contrib (1.4.2)
      backports (>= 2.0)
      multi_json
      rack-protection
      rack-test
      sinatra (~> 1.4.0)
      tilt (~> 1.3)
    systemu (2.6.4)
    thor (0.18.1)
    tilt (1.4.1)
    uuid (2.3.7)
      macaddr (~> 1.0)

PLATFORMS
  java

DEPENDENCIES
  diametric (= 0.1.3)
  sinatra (= 1.4.4)
  sinatra-contrib (= 1.4.2)
